GEM
  remote: https://rubygems.org/
  specs:
    algoliasearch (1.3.1)
      httpclient (~> 2.4)
      json (>= 1.5.1)
    httpclient (2.5.3.3)
    json (1.8.1)

PLATFORMS
  ruby

DEPENDENCIES
  algoliasearch
